GIT
  remote: https://github.com/teritorio/overpass_parser-rb.git
  revision: f9fd7c5dcfed4f9a458476ada02da9bcc400ffd8
  specs:
    overpass_parser (1.0.0)
      rice (~> 4.0)
      sorbet-struct-comparable (~> 1.3.0)

GEM
  remote: https://rubygems.org/
  specs:
    activesupport (8.0.2)
      base64
      benchmark (>= 0.3)
      bigdecimal
      concurrent-ruby (~> 1.0, >= 1.3.1)
      connection_pool (>= 2.2.5)
      drb
      i18n (>= 1.6, < 2)
      logger (>= 1.4.2)
      minitest (>= 5.1)
      securerandom (>= 0.3)
      tzinfo (~> 2.0, >= 2.0.5)
      uri (>= 0.13.1)
    addressable (2.8.7)
      public_suffix (>= 2.0.2, < 7.0)
    ast (2.4.3)
    base64 (0.3.0)
    bcp47_spec (0.2.1)
    benchmark (0.4.1)
    bigdecimal (3.2.2)
    bzip2-ffi (1.1.1)
      ffi (~> 1.0)
    commander (5.0.0)
      highline (~> 3.0.0)
    concurrent-ruby (1.3.5)
    connection_pool (2.5.3)
    date (3.4.1)
    domain_name (0.6.20240107)
    drb (2.2.3)
    ebnf (2.6.0)
      base64 (~> 0.2)
      htmlentities (~> 4.3)
      rdf (~> 3.3)
      scanf (~> 1.0)
      sxp (~> 2.0)
      unicode-types (~> 1.8)
    erubi (1.13.1)
    ffi (1.17.2-x86_64-linux-gnu)
    ffi-compiler (1.3.2)
      ffi (>= 1.15.5)
      rake
    highline (3.0.1)
    htmlentities (4.3.4)
    http (5.3.1)
      addressable (~> 2.8)
      http-cookie (~> 1.0)
      http-form_data (~> 2.2)
      llhttp-ffi (~> 0.5.0)
    http-cookie (1.0.8)
      domain_name (~> 0.5)
    http-form_data (2.3.0)
    i18n (1.14.7)
      concurrent-ruby (~> 1.0)
    io-console (0.8.1)
    iostreams (1.10.3)
    json (2.12.2)
    json-schema (5.2.1)
      addressable (~> 2.8)
      bigdecimal (~> 3.1)
    jsonpath (1.1.5)
      multi_json
    kiba (4.0.0)
    language_server-protocol (3.17.0.5)
    link_header (0.0.8)
    lint_roller (1.1.0)
    little-plugger (1.1.4)
    llhttp-ffi (0.5.1)
      ffi-compiler (~> 1.0)
      rake (~> 13.0)
    logger (1.7.0)
    logging (2.4.0)
      little-plugger (~> 1.1)
      multi_json (~> 1.14)
    matrix (0.4.3)
    method_source (1.1.0)
    minitest (5.25.5)
    mocha (2.7.1)
      ruby2_keywords (>= 0.0.5)
    moneta (1.6.0)
    multi_json (1.16.0)
    netrc (0.11.0)
    nokogiri (1.18.8-x86_64-linux-gnu)
      racc (~> 1.4)
    ostruct (0.6.2)
    parallel (1.27.0)
    parlour (9.1.2)
      commander (~> 5.0)
      parser
      rainbow (~> 3.0)
      sorbet-runtime (>= 0.5)
    parser (3.3.8.0)
      ast (~> 2.4.1)
      racc
    polyfill (1.9.0)
    power_assert (2.0.5)
    prism (1.4.0)
    psych (5.2.6)
      date
      stringio
    public_suffix (6.0.2)
    racc (1.8.1)
    rack (3.1.16)
    rainbow (3.1.1)
    rake (13.3.0)
    rbi (0.3.6)
      prism (~> 1.0)
      rbs (>= 3.4.4)
    rbs (4.0.0.dev.4)
      logger
      prism (>= 1.3.0)
    rdf (3.3.4)
      bcp47_spec (~> 0.2)
      bigdecimal (~> 3.1, >= 3.1.5)
      link_header (~> 0.0, >= 0.0.8)
      logger (~> 1.5)
      ostruct (~> 0.6)
      readline (~> 0.0)
    rdf-turtle (3.3.1)
      base64 (~> 0.2)
      bigdecimal (~> 3.1, >= 3.1.5)
      ebnf (~> 2.5)
      rdf (~> 3.3)
    readline (0.0.4)
      reline
    regexp_parser (2.10.0)
    reline (0.6.1)
      io-console (~> 0.5)
    require-hooks (0.2.2)
    rexml (3.4.1)
    rgeo (3.0.1)
    rgeo-geojson (2.2.0)
      multi_json (~> 1.15)
      rgeo (>= 1.0.0)
    rice (4.6.1)
    rubocop (1.78.0)
      json (~> 2.3)
      language_server-protocol (~> 3.17.0.2)
      lint_roller (~> 1.1.0)
      parallel (~> 1.10)
      parser (>= 3.3.0.2)
      rainbow (>= 2.2.2, < 4.0)
      regexp_parser (>= 2.9.3, < 3.0)
      rubocop-ast (>= 1.45.1, < 2.0)
      ruby-progressbar (~> 1.7)
      unicode-display_width (>= 2.4.0, < 4.0)
    rubocop-ast (1.45.1)
      parser (>= 3.3.7.2)
      prism (~> 1.4)
    rubocop-rails (2.32.0)
      activesupport (>= 4.2.0)
      lint_roller (~> 1.1)
      rack (>= 1.1)
      rubocop (>= 1.75.0, < 2.0)
      rubocop-ast (>= 1.44.0, < 2.0)
    rubocop-rake (0.7.1)
      lint_roller (~> 1.1)
      rubocop (>= 1.72.1)
    ruby-progressbar (1.13.0)
    ruby2_keywords (0.0.5)
    rubyzip (2.4.1)
    safe_type (1.1.1)
    scanf (1.0.0)
    securerandom (0.4.1)
    sentry-ruby (5.26.0)
      bigdecimal
      concurrent-ruby (~> 1.0, >= 1.0.2)
    sorbet (0.5.12224)
      sorbet-static (= 0.5.12224)
    sorbet-coerce (0.7.0)
      polyfill (~> 1.8)
      safe_type (~> 1.1, >= 1.1.1)
      sorbet-runtime (>= 0.4.4704)
    sorbet-rails (0.7.34)
      method_source (>= 0.9.2)
      parlour (>= 4.0.1)
      parser (>= 2.7)
      sorbet-coerce (>= 0.2.6)
      sorbet-runtime (>= 0.5.9892)
    sorbet-runtime (0.5.12224)
    sorbet-static (0.5.12224-x86_64-linux)
    sorbet-static-and-runtime (0.5.12224)
      sorbet (= 0.5.12224)
      sorbet-runtime (= 0.5.12224)
    sorbet-struct-comparable (1.3.0)
      sorbet-runtime (>= 0.5)
    spoom (1.7.4)
      erubi (>= 1.10.0)
      prism (>= 0.28.0)
      rbi (>= 0.3.3)
      rbs (>= 4.0.0.dev.4)
      rexml (>= 3.2.6)
      sorbet-static-and-runtime (>= 0.5.10187)
      thor (>= 0.19.2)
    stringio (3.1.7)
    sxp (2.0.0)
      matrix (~> 0.4)
      rdf (~> 3.3)
    tapioca (0.17.6)
      benchmark
      bundler (>= 2.2.25)
      netrc (>= 0.11.0)
      parallel (>= 1.21.0)
      rbi (>= 0.3.1)
      require-hooks (>= 0.2.2)
      sorbet-static-and-runtime (>= 0.5.11087)
      spoom (>= 1.7.0)
      thor (>= 1.2.0)
      yard-sorbet
    test-unit (3.7.0)
      power_assert
    thor (1.3.2)
    tzinfo (2.0.6)
      concurrent-ruby (~> 1.0)
    unicode-display_width (3.1.4)
      unicode-emoji (~> 4.0, >= 4.0.4)
    unicode-emoji (4.0.4)
    unicode-types (1.10.0)
    uri (1.0.3)
    yaml (0.4.0)
    yard (0.9.37)
    yard-sorbet (0.9.0)
      sorbet-runtime
      yard

PLATFORMS
  x86_64-linux

DEPENDENCIES
  activesupport
  bzip2-ffi
  http
  iostreams
  json
  json-schema
  jsonpath
  kiba
  logging
  mocha
  moneta
  nokogiri
  overpass_parser!
  psych
  racc
  rake
  rbi
  rdf (~> 3.3)
  rdf-turtle (~> 3.3)
  rgeo
  rgeo-geojson
  rubocop
  rubocop-rails
  rubocop-rake
  rubyzip
  sentry-ruby
  sorbet
  sorbet-rails
  sorbet-runtime
  tapioca
  test-unit
  yaml
  yard

RUBY VERSION
   ruby 3.0.5p211

BUNDLED WITH
   2.4.1
